GEM
  remote: https://rubygems.org/
  specs:
    bourbon (3.2.0.beta.2)
      sass (>= 3.3.0.rc.2)
      thor
    diff-lcs (1.2.5)
    dotenv (0.9.0)
    ffi (1.9.3)
    jsmin (1.0.1)
    listen (1.1.6)
      rb-fsevent (>= 0.9.3)
      rb-inotify (>= 0.9)
      rb-kqueue (>= 0.2)
    rack (1.5.2)
    rack-protection (1.5.2)
      rack
    rack-test (0.6.2)
      rack (>= 1.0)
    rb-fsevent (0.9.4)
    rb-inotify (0.9.3)
      ffi (>= 0.5.0)
    rb-kqueue (0.2.0)
      ffi (>= 0.5.0)
    rspec (2.14.1)
      rspec-core (~> 2.14.0)
      rspec-expectations (~> 2.14.0)
      rspec-mocks (~> 2.14.0)
    rspec-core (2.14.7)
    rspec-expectations (2.14.4)
      diff-lcs (>= 1.1.3, < 2.0)
    rspec-mocks (2.14.4)
    sass (3.3.0.rc.2)
      listen (~> 1.1.0)
    sinatra (1.4.4)
      rack (~> 1.4)
      rack-protection (~> 1.4)
      tilt (~> 1.3, >= 1.3.4)
    sinatra-assetpack (0.3.2)
      jsmin
      rack-test
      sinatra
      tilt (>= 1.3.0, < 2.0)
    thor (0.18.1)
    tilt (1.4.1)
    xml-simple (1.1.3)

PLATFORMS
  ruby

DEPENDENCIES
  bourbon (~> 3.2.0.beta.2)
  dotenv
  rack
  rspec
  sass
  sinatra
  sinatra-assetpack
  xml-simple
